GEM
  remote: http://rubygems.org/
  specs:
    addressable (2.2.6)
    data_objects (0.10.7)
      addressable (~> 2.1)
    do_sqlite3 (0.10.7)
      data_objects (= 0.10.7)
    haml (3.0.6)
    rack (1.3.5)
    rack-protection (1.1.4)
      rack
    sequel (3.20.0)
    sinatra (1.3.1)
      rack (~> 1.3, >= 1.3.4)
      rack-protection (~> 1.1, >= 1.1.2)
      tilt (~> 1.3, >= 1.3.3)
    tilt (1.3.3)

PLATFORMS
  ruby

DEPENDENCIES
  do_sqlite3
  haml
  sequel
  sinatra
