GEM
  remote: http://rubygems.org/
  specs:
    haml (3.1.4)
    pg (0.13.2)
    rack (1.4.1)
    rack-protection (1.2.0)
      rack
    sequel (3.33.0)
    sinatra (1.3.2)
      rack (~> 1.3, >= 1.3.6)
      rack-protection (~> 1.2)
      tilt (~> 1.3, >= 1.3.3)
    sqlite3 (1.3.5)
    tilt (1.3.3)

PLATFORMS
  ruby

DEPENDENCIES
  haml
  pg
  sequel
  sinatra
  sqlite3
